GEM
  remote: http://rubygems.org/
  remote: http://gems.github.com/
  specs:
    commander (4.1.5)
      highline (~> 1.6.11)
    crack (0.4.1)
      safe_yaml (~> 0.9.0)
    diff-lcs (1.2.4)
    highline (1.6.20)
    httparty (0.12.0)
      json (~> 1.8)
      multi_xml (>= 0.5.2)
    json (1.8.1)
    linode (0.7.10)
      crack (>= 0.3.1)
      httparty
      httparty (>= 0.4.4)
      json
    multi_xml (0.5.5)
    rspec (2.14.1)
      rspec-core (~> 2.14.0)
      rspec-expectations (~> 2.14.0)
      rspec-mocks (~> 2.14.0)
    rspec-core (2.14.7)
    rspec-expectations (2.14.3)
      diff-lcs (>= 1.1.3, < 2.0)
    rspec-mocks (2.14.4)
    safe_yaml (0.9.7)

PLATFORMS
  ruby

DEPENDENCIES
  commander
  linode
  rspec
